GEM
  remote: https://rubygems.org/
  specs:
    json (2.5.1)

PLATFORMS
  x86_64-darwin-20

DEPENDENCIES
  json

BUNDLED WITH
   2.2.3
